PATH
  remote: .
  specs:
    invalid_json_error_middleware (0.0.1)
      json

GEM
  remote: http://rubygems.org/
  specs:
    json (2.2.0)
    rack (2.0.7)
    rack-test (0.8.3)
      rack (>= 1.0, < 3)
    rspec (0.9.4)

PLATFORMS
  ruby

DEPENDENCIES
  invalid_json_error_middleware!
  rack-test
  rspec

BUNDLED WITH
   1.17.1
